GEM
  remote: https://rubygems.org/
  specs:
    colored (1.2)
    cri (2.6.1)
      colored (~> 1.2)
    deep_merge (1.2.1)
    docker-api (1.34.2)
      excon (>= 0.47.0)
      multi_json
    escort (0.4.0)
      nesty
    excon (0.62.0)
    facter (2.5.1)
    faraday (0.13.1)
      multipart-post (>= 1.2, < 3)
    faraday_middleware (0.12.2)
      faraday (>= 0.7.4, < 1.0)
    fast_gettext (1.1.2)
    gettext (3.2.9)
      locale (>= 2.0.5)
      text (>= 1.3.0)
    gettext-setup (0.30)
      fast_gettext (~> 1.1.0)
      gettext (>= 3.0.2)
      locale
    hiera (3.4.5)
    hocon (1.2.5)
    httpclient (2.8.3)
    little-plugger (1.1.4)
    locale (2.1.2)
    log4r (1.1.10)
    logging (2.2.2)
      little-plugger (~> 1.1)
      multi_json (~> 1.10)
    minitar (0.6.1)
    multi_json (1.13.1)
    multipart-post (2.0.0)
    nesty (1.0.2)
    pdqtest (1.9.9beta5)
      deep_merge (~> 1.2)
      docker-api (= 1.34.2)
      escort (= 0.4.0)
      logging (~> 2.2)
      minitar (= 0.6.1)
      r10k (= 2.6.4)
      rake (= 12.3.1)
      thor (~> 0.19)
    puppet (6.0.0)
      facter (> 2.0.1, < 4)
      fast_gettext (~> 1.1.2)
      hiera (>= 3.2.1, < 4)
      httpclient (~> 2.8)
      locale (~> 2.1)
      multi_json (~> 1.10)
      puppet-resource_api (~> 1.5)
      semantic_puppet (~> 1.0)
    puppet-resource_api (1.6.0)
      hocon (>= 1.0)
    puppet-strings (2.1.0)
      rgen
      yard (~> 0.9.5)
    puppet_forge (2.2.9)
      faraday (>= 0.9.0, < 0.14.0)
      faraday_middleware (>= 0.9.0, < 0.13.0)
      gettext-setup (~> 0.11)
      minitar
      semantic_puppet (~> 1.0)
    r10k (2.6.4)
      colored (= 1.2)
      cri (~> 2.6.1)
      gettext-setup (~> 0.5)
      log4r (= 1.1.10)
      multi_json (~> 1.10)
      puppet_forge (~> 2.2.8)
    rake (12.3.1)
    rgen (0.8.2)
    semantic_puppet (1.0.2)
    text (1.3.1)
    thor (0.20.0)
    yard (0.9.16)

PLATFORMS
  ruby
  x86_64-darwin-18

DEPENDENCIES
  pdqtest (~> 1.9.9beta5)
  puppet
  puppet-strings

BUNDLED WITH
   1.16.2
